PATH
  remote: .
  specs:
    gpc (0.1.0)
      czech_bank_account

GEM
  remote: https://rubygems.org/
  specs:
    czech_bank_account (1.0.0)
    minitest (5.15.0)
    rake (13.0.6)

PLATFORMS
  x86_64-linux

DEPENDENCIES
  gpc!
  minitest (~> 5.0)
  rake (~> 13.0)

BUNDLED WITH
   2.2.32
